GEM
  remote: https://rubygems.org/
  specs:
    activesupport (5.2.1)
      concurrent-ruby (~> 1.0, >= 1.0.2)
      i18n (>= 0.7, < 2)
      minitest (~> 5.1)
      tzinfo (~> 1.1)
    atk (3.2.9)
      glib2 (= 3.2.9)
    cairo (1.15.13)
      native-package-installer (>= 1.0.3)
      pkg-config (>= 1.2.2)
    cairo-gobject (3.2.9)
      cairo
      glib2 (= 3.2.9)
    concurrent-ruby (1.0.5)
    gdk_pixbuf2 (3.2.9)
      gio2 (= 3.2.9)
    gio2 (3.2.9)
      glib2 (= 3.2.9)
      gobject-introspection (= 3.2.9)
    glib2 (3.2.9)
      native-package-installer (>= 1.0.3)
      pkg-config (>= 1.2.2)
    gobject-introspection (3.2.9)
      glib2 (= 3.2.9)
    green_shoes (1.1.374)
      gtk2
    gtk2 (3.2.9)
      atk (= 3.2.9)
      gdk_pixbuf2 (= 3.2.9)
      pango (= 3.2.9)
    i18n (1.1.0)
      concurrent-ruby (~> 1.0)
    minitest (5.11.3)
    native-package-installer (1.0.6)
    pango (3.2.9)
      cairo-gobject (= 3.2.9)
      gobject-introspection (= 3.2.9)
    pkg-config (1.3.1)
    thread_safe (0.3.6)
    time_difference (0.7.0)
      activesupport (~> 5.1)
    tzinfo (1.2.5)
      thread_safe (~> 0.1)

PLATFORMS
  ruby

DEPENDENCIES
  green_shoes
  time_difference

BUNDLED WITH
   1.16.2
